GEM
  remote: https://rubygems.org/
  specs:
    dalli (3.2.4)

PLATFORMS
  ruby

DEPENDENCIES
  dalli

BUNDLED WITH
   2.1.4
