GEM
  remote: https://rubygems.org/
  specs:
    dalli (3.2.3)

PLATFORMS
  ruby

DEPENDENCIES
  dalli

BUNDLED WITH
   1.15.1
